GEM
  remote: https://rubygems.org/
  specs:
    backports (3.6.0)
    docile (1.1.3)
    hiredis (0.5.2)
    kgio (2.9.2)
    msgpack (0.5.8)
    multi_json (1.10.1)
    nido (0.0.1)
    ohm (2.0.0)
      msgpack
      nido
      redic
    ohm-contrib (2.0.0)
      ohm (~> 2.0.0)
    rack (1.5.2)
    rack-protection (1.5.3)
      rack
    rack-test (0.6.2)
      rack (>= 1.0)
    raindrops (0.13.0)
    rake (10.1.0)
    redic (1.1.1)
      hiredis
    redis (3.1.0)
    simplecov (0.8.2)
      docile (~> 1.1.0)
      multi_json
      simplecov-html (~> 0.8.0)
    simplecov-html (0.8.0)
    sinatra (1.4.5)
      rack (~> 1.4)
      rack-protection (~> 1.4)
      tilt (~> 1.3, >= 1.3.4)
    sinatra-contrib (1.4.2)
      backports (>= 2.0)
      multi_json
      rack-protection
      rack-test
      sinatra (~> 1.4.0)
      tilt (~> 1.3)
    tilt (1.4.1)
    unicorn (4.8.3)
      kgio (~> 2.6)
      rack
      raindrops (~> 0.7)

PLATFORMS
  ruby

DEPENDENCIES
  bundler
  hiredis
  ohm
  ohm-contrib
  rack-test
  rake
  redis
  simplecov
  sinatra
  sinatra-contrib
  unicorn
