GEM
  remote: https://rubygems.org/
  specs:
    backports (3.6.8)
    docile (1.1.5)
    hiredis (0.6.1)
    json (2.0.3)
    kgio (2.11.0)
    multi_json (1.12.1)
    nest (3.0.0)
      redic
    ohm (3.1.1)
      nest (~> 3)
      redic (~> 1.5.0)
      stal
    ohm-contrib (3.0.0)
      ohm (~> 3.0)
    rack (1.6.5)
    rack-protection (1.5.3)
      rack
    rack-test (0.6.3)
      rack (>= 1.0)
    raindrops (0.17.0)
    rake (12.0.0)
    redic (1.5.0)
      hiredis
    redis (3.3.3)
    simplecov (0.13.0)
      docile (~> 1.1.0)
      json (>= 1.8, < 3)
      simplecov-html (~> 0.10.0)
    simplecov-html (0.10.0)
    sinatra (1.4.8)
      rack (~> 1.5)
      rack-protection (~> 1.4)
      tilt (>= 1.3, < 3)
    sinatra-contrib (1.4.7)
      backports (>= 2.0)
      multi_json
      rack-protection
      rack-test
      sinatra (~> 1.4.0)
      tilt (>= 1.3, < 3)
    stal (0.3.0)
      redic (~> 1.5)
    tilt (2.0.6)
    unicorn (4.8.3)
      kgio (~> 2.6)
      rack
      raindrops (~> 0.7)

PLATFORMS
  ruby

DEPENDENCIES
  bundler
  hiredis
  ohm
  ohm-contrib
  rack-test
  rake
  redis
  simplecov
  sinatra
  sinatra-contrib
  unicorn (~> 4.8.3)

BUNDLED WITH
   1.13.6
